GEM
  remote: https://rubygems.org/
  specs:
    activesupport (6.1.7.1)
      concurrent-ruby (~> 1.0, >= 1.0.2)
      i18n (>= 1.6, < 2)
      minitest (>= 5.1)
      tzinfo (~> 2.0)
      zeitwerk (~> 2.3)
    citrus (3.0.2)
    concurrent-ruby (1.1.10)
    differ (0.1.2)
    ecma-re-validator (0.2.0)
      regexp_parser (~> 1.2)
    front_matter_parser (0.2.1)
    git (1.3.0)
    hana (1.3.5)
    i18n (1.12.0)
      concurrent-ruby (~> 1.0)
    json_schemer (0.2.8)
      ecma-re-validator (~> 0.2)
      hana (~> 1.3)
      regexp_parser (~> 1.5)
      uri_template (~> 0.7)
    minitest (5.17.0)
    paint (2.1.1)
    parallel (1.17.0)
    regexp_parser (1.6.0)
    semantic (1.6.1)
    toml-rb (2.0.1)
      citrus (~> 3.0, > 3.0)
    tzinfo (2.0.5)
      concurrent-ruby (~> 1.0)
    unindent (1.0)
    uri_template (0.7.0)
    word_wrap (1.0.0)
    yard (0.9.24)
    zeitwerk (2.6.6)

PLATFORMS
  ruby

DEPENDENCIES
  activesupport (~> 6.1)
  differ (~> 0.1)
  front_matter_parser (~> 0.2)
  git (~> 1.3.0)
  json_schemer (~> 0.2.8)
  paint (~> 2.1)
  parallel (~> 1.17.0)
  semantic (~> 1.6.1)
  toml-rb (~> 2.0)
  unindent (~> 1.0)
  word_wrap (~> 1.0)
  yard (~> 0.9)

RUBY VERSION
   ruby 2.7.0p0

BUNDLED WITH
   2.1.2
